PATH
  remote: .
  specs:
    testcontainers (0.2.0)
      testcontainers-core (= 0.2.0)

PATH
  remote: compose
  specs:
    testcontainers-compose (0.2.0)
      testcontainers-core (~> 0.1)

PATH
  remote: core
  specs:
    testcontainers-core (0.2.0)
      docker-api (~> 2.2)
      java-properties (~> 0.3.0)

PATH
  remote: elasticsearch
  specs:
    testcontainers-elasticsearch (0.2.0)
      testcontainers-core (~> 0.1)

PATH
  remote: mariadb
  specs:
    testcontainers-mariadb (0.2.0)
      testcontainers-core (~> 0.1)

PATH
  remote: mongo
  specs:
    testcontainers-mongo (0.2.0)
      testcontainers-core (~> 0.1)

PATH
  remote: mysql
  specs:
    testcontainers-mysql (0.2.0)
      testcontainers-core (~> 0.1)

PATH
  remote: nginx
  specs:
    testcontainers-nginx (0.2.0)
      testcontainers-core (~> 0.1)

PATH
  remote: postgres
  specs:
    testcontainers-postgres (0.2.0)
      testcontainers-core (~> 0.1)

PATH
  remote: rabbitmq
  specs:
    testcontainers-rabbitmq (0.2.0)
      testcontainers-core (~> 0.1)

PATH
  remote: redis
  specs:
    testcontainers-redis (0.2.0)
      testcontainers-core (~> 0.1)

PATH
  remote: redpanda
  specs:
    testcontainers-redpanda (0.2.0)
      testcontainers-core (~> 0.1)

PATH
  remote: selenium
  specs:
    testcontainers-selenium (0.2.0)
      testcontainers-core (~> 0.1)

GEM
  remote: https://rubygems.org/
  specs:
    amq-protocol (2.3.2)
    ast (2.4.2)
    bson (4.15.0)
    bunny (2.20.3)
      amq-protocol (~> 2.3, >= 2.3.1)
      sorted_set (~> 1, >= 1.0.2)
    childprocess (4.1.0)
    connection_pool (2.4.0)
    docker-api (2.2.0)
      excon (>= 0.47.0)
      multi_json
    elastic-transport (8.2.1)
      faraday (< 3)
      multi_json
    elasticsearch (8.7.1)
      elastic-transport (~> 8)
      elasticsearch-api (= 8.7.1)
    elasticsearch-api (8.7.1)
      multi_json
    excon (0.99.0)
    faraday (2.7.4)
      faraday-net_http (>= 2.0, < 3.1)
      ruby2_keywords (>= 0.0.4)
    faraday-net_http (3.0.2)
    ffi (1.15.5)
    java-properties (0.3.0)
    json (2.6.3)
    language_server-protocol (3.17.0.3)
    lint_roller (1.0.0)
    mini_portile2 (2.8.2)
    minitest (5.18.0)
    minitest-hooks (1.5.0)
      minitest (> 5.3)
    mongo (2.18.2)
      bson (>= 4.14.1, < 5.0.0)
    multi_json (1.15.0)
    mysql2 (0.5.5)
    parallel (1.23.0)
    parser (3.2.2.1)
      ast (~> 2.4.1)
    pg (1.5.3)
    rainbow (3.1.1)
    rake (13.0.6)
    rbtree (0.4.6)
    rdkafka (0.12.0)
      ffi (~> 1.15)
      mini_portile2 (~> 2.6)
      rake (> 12)
    redis (5.0.6)
      redis-client (>= 0.9.0)
    redis-client (0.14.1)
      connection_pool
    regexp_parser (2.8.0)
    rexml (3.3.9)
    rubocop (1.50.2)
      json (~> 2.3)
      parallel (~> 1.10)
      parser (>= 3.2.0.0)
      rainbow (>= 2.2.2, < 4.0)
      regexp_parser (>= 1.8, < 3.0)
      rexml (>= 3.2.5, < 4.0)
      rubocop-ast (>= 1.28.0, < 2.0)
      ruby-progressbar (~> 1.7)
      unicode-display_width (>= 2.4.0, < 3.0)
    rubocop-ast (1.28.1)
      parser (>= 3.2.1.0)
    rubocop-performance (1.16.0)
      rubocop (>= 1.7.0, < 2.0)
      rubocop-ast (>= 0.4.0)
    ruby-progressbar (1.13.0)
    ruby2_keywords (0.0.5)
    rubyzip (2.3.2)
    selenium-webdriver (4.1.0)
      childprocess (>= 0.5, < 5.0)
      rexml (~> 3.2, >= 3.2.5)
      rubyzip (>= 1.2.2)
    set (1.0.3)
    sorted_set (1.0.3)
      rbtree
      set (~> 1.0)
    standard (1.28.2)
      language_server-protocol (~> 3.17.0.2)
      lint_roller (~> 1.0)
      rubocop (~> 1.50.2)
      standard-custom (~> 1.0.0)
      standard-performance (~> 1.0.1)
    standard-custom (1.0.0)
      lint_roller (~> 1.0)
    standard-performance (1.0.1)
      lint_roller (~> 1.0)
      rubocop-performance (~> 1.16.0)
    unicode-display_width (2.4.2)
    yard (0.9.36)

PLATFORMS
  -darwin-21
  arm64-darwin-21
  arm64-darwin-22
  ruby
  x86_64-darwin-22
  x86_64-linux

DEPENDENCIES
  bunny (>= 2.19.0)
  elasticsearch (~> 8.7)
  minitest (~> 5.0)
  minitest-hooks (~> 1.5)
  mongo (~> 2.2)
  mysql2 (~> 0.5.3)
  pg (~> 1.5)
  rake (~> 13.0)
  rdkafka (~> 0.12)
  redis (~> 5.0)
  selenium-webdriver (~> 4.1.0)
  standard (~> 1.3)
  testcontainers!
  testcontainers-compose!
  testcontainers-core!
  testcontainers-elasticsearch!
  testcontainers-mariadb!
  testcontainers-mongo!
  testcontainers-mysql!
  testcontainers-nginx!
  testcontainers-postgres!
  testcontainers-rabbitmq!
  testcontainers-redis!
  testcontainers-redpanda!
  testcontainers-selenium!
  yard (~> 0.9)

BUNDLED WITH
   2.4.1
